GEM
  remote: https://rubygems.org/
  specs:
    ffi (1.16.3)
    json (2.7.1)
    listen (3.9.0)
      rb-fsevent (~> 0.10, >= 0.10.3)
      rb-inotify (~> 0.9, >= 0.9.10)
    parallel (1.24.0)
    rb-fsevent (0.11.2)
    rb-inotify (0.10.1)
      ffi (~> 1.0)
    ruby-progressbar (1.13.0)
    tex_log_parser (1.1.0)
      json (~> 2.1)

PLATFORMS
  ruby
  x86_64-linux

DEPENDENCIES
  listen
  parallel
  ruby-progressbar
  tex_log_parser

BUNDLED WITH
   2.5.5
